PATH
  remote: .
  specs:
    game2048 (0.1.0)

GEM
  remote: https://rubygems.org/
  specs:
    activesupport (7.0.2.3)
      concurrent-ruby (~> 1.0, >= 1.0.2)
      i18n (>= 1.6, < 2)
      minitest (>= 5.1)
      tzinfo (~> 2.0)
    coderay (1.1.3)
    concurrent-ruby (1.1.10)
    i18n (1.10.0)
      concurrent-ruby (~> 1.0)
    method_source (1.0.0)
    minitest (5.15.0)
    pry (0.14.1)
      coderay (~> 1.1)
      method_source (~> 1.0)
    rake (12.3.3)
    ruby2d (0.11.2)
    tzinfo (2.0.4)
      concurrent-ruby (~> 1.0)

PLATFORMS
  ruby

DEPENDENCIES
  activesupport
  game2048!
  pry
  rake (~> 12.0)
  ruby2d

BUNDLED WITH
   2.1.4
